GIT
  remote: https://github.com/Roman2K/metacli.git
  revision: 28d4ca7a3f9975f1087d3612fd4eb002db345f5c
  specs:
    metacli (0.1.0)

GIT
  remote: https://github.com/Roman2K/utils-ruby.git
  revision: bdb271745606af1f9caa108c3e5177c151656ae2
  specs:
    utils-ruby (0.1.0)
      net_http_unix (~> 0.2)

GEM
  remote: https://rubygems.org/
  specs:
    net_http_unix (0.2.2)

PLATFORMS
  ruby

DEPENDENCIES
  metacli!
  utils-ruby!

BUNDLED WITH
   2.1.4
